GEM
  remote: http://rubygems.org/
  specs:
    byebug (2.6.0)
      columnize (~> 0.3)
      debugger-linecache (~> 1.2)
    columnize (0.3.6)
    debugger-linecache (1.2.0)
    mini_portile (0.5.1)
    nokogiri (1.6.0)
      mini_portile (~> 0.5.0)
    ofx (0.3.2)
      nokogiri

PLATFORMS
  ruby

DEPENDENCIES
  byebug
  ofx (~> 0.3.2)
