GIT
  remote: git://github.com/alexch/rerun.git
  revision: 7bced8266621404da24227e13e312a7f6f0b6219
  specs:
    rerun (0.8.2)
      listen (~> 1.0.3)

GIT
  remote: git://github.com/slim-template/slim.git
  revision: 62e2b1c706fa926db1199d9e297efed816018dd7
  specs:
    slim (2.0.2)
      temple (~> 0.6.6)
      tilt (>= 1.3.3, < 2.1)

GEM
  remote: http://rubygems.org/
  specs:
    byebug (2.6.0)
      columnize (~> 0.3)
      debugger-linecache (~> 1.2)
    coderay (1.1.0)
    columnize (0.3.6)
    daemons (1.1.9)
    debugger (1.6.6)
      columnize (>= 0.3.1)
      debugger-linecache (~> 1.2.0)
      debugger-ruby_core_source (~> 1.3.2)
    debugger-linecache (1.2.0)
    debugger-ruby_core_source (1.3.2)
    eventmachine (1.0.3)
    ffi (1.9.3)
    listen (1.0.3)
      rb-fsevent (>= 0.9.3)
      rb-inotify (>= 0.9)
      rb-kqueue (>= 0.2)
    method_source (0.8.2)
    mini_portile (0.5.1)
    nokogiri (1.6.0)
      mini_portile (~> 0.5.0)
    ofx (0.3.2)
      nokogiri
    pry (0.9.12.6)
      coderay (~> 1.0)
      method_source (~> 0.8)
      slop (~> 3.4)
    rack (1.5.2)
    rack-test (0.6.2)
      rack (>= 1.0)
    rake (10.1.1)
    rb-fsevent (0.9.4)
    rb-inotify (0.9.3)
      ffi (>= 0.5.0)
    rb-kqueue (0.2.2)
      ffi (>= 0.5.0)
    sinatra (1.0)
      rack (>= 1.0)
    slop (3.4.7)
    temple (0.6.7)
    thin (1.6.1)
      daemons (>= 1.0.9)
      eventmachine (>= 1.0.0)
      rack (>= 1.0.0)
    tilt (2.0.0)
    webrat (0.7.3)
      nokogiri (>= 1.2.0)
      rack (>= 1.0)
      rack-test (>= 0.5.3)

PLATFORMS
  ruby

DEPENDENCIES
  byebug
  debugger
  ofx (~> 0.3.2)
  pry
  rack-test
  rake
  rb-fsevent
  rerun!
  sinatra
  slim!
  thin
  tilt
  webrat
